GIT
  remote: https://github.com/petems/rubygem-simp-beaker-helpers
  revision: fe56509aa8dff896899af4b18bcc1460f49018d7
  branch: testing_non_puppet
  specs:
    simp-beaker-helpers (1.7.5)
      beaker (~> 3.14)
      beaker-puppet_install_helper (~> 0.6)

GEM
  remote: https://rubygems.org/
  specs:
    CFPropertyList (2.3.6)
    activesupport (4.2.11)
      i18n (~> 0.7)
      minitest (~> 5.1)
      thread_safe (~> 0.3, >= 0.3.4)
      tzinfo (~> 1.1)
    addressable (2.6.0)
      public_suffix (>= 2.0.2, < 4.0)
    ansi (1.5.0)
    ast (2.4.0)
    autoparse (0.3.3)
      addressable (>= 2.3.1)
      extlib (>= 0.9.15)
      multi_json (>= 1.0.0)
    aws-eventstream (1.0.1)
    aws-partitions (1.136.0)
    aws-sdk-core (3.46.0)
      aws-eventstream (~> 1.0)
      aws-partitions (~> 1.0)
      aws-sigv4 (~> 1.0)
      jmespath (~> 1.0)
    aws-sdk-ec2 (1.67.0)
      aws-sdk-core (~> 3, >= 3.39.0)
      aws-sigv4 (~> 1.0)
    aws-sigv4 (1.0.3)
    beaker (3.37.0)
      beaker-abs (~> 0.4)
      beaker-aws (~> 0.1)
      beaker-docker (~> 0.1)
      beaker-google (~> 0.1)
      beaker-hiera (~> 0.0)
      beaker-hostgenerator
      beaker-openstack (~> 0.1)
      beaker-puppet (~> 0.0)
      beaker-vagrant (~> 0.1)
      beaker-vcloud (~> 0.1)
      beaker-vmpooler (~> 1.0)
      beaker-vmware (~> 0.1)
      hocon (~> 1.0)
      in-parallel (~> 0.1)
      inifile (~> 3.0)
      minitar (~> 0.6)
      minitest (~> 5.4)
      net-scp (~> 1.2)
      net-ssh (~> 4.0)
      open_uri_redirections (~> 0.2.1)
      pry-byebug (~> 3.4.2)
      rb-readline (~> 0.5.3)
      rsync (~> 1.0.9)
      stringify-hash (~> 0.0)
      thor (~> 0.19)
    beaker-abs (0.5.0)
    beaker-aws (0.8.1)
      aws-partitions (~> 1.91)
      aws-sdk-ec2 (~> 1.35)
      stringify-hash (~> 0.0.0)
    beaker-docker (0.5.1)
      docker-api
      stringify-hash (~> 0.0.0)
    beaker-google (0.2.0)
      google-api-client (~> 0.8.0)
      stringify-hash (~> 0.0.0)
    beaker-hiera (0.1.1)
      stringify-hash (~> 0.0.0)
    beaker-hostgenerator (1.1.25)
      deep_merge (~> 1.0)
      stringify-hash (~> 0.0.0)
    beaker-openstack (0.2.0)
      fog-openstack
      stringify-hash (~> 0.0.0)
    beaker-puppet (0.17.1)
      in-parallel (~> 0.1)
      oga
      stringify-hash (~> 0.0.0)
    beaker-puppet_install_helper (0.9.4)
      beaker (>= 2.0)
    beaker-rspec (6.2.4)
      beaker (> 3.0)
      rspec (~> 3.0)
      serverspec (~> 2)
      specinfra (~> 2)
    beaker-vagrant (0.6.1)
      stringify-hash (~> 0.0.0)
    beaker-vcloud (0.4.0)
      beaker-vmpooler
      beaker-vmware
      rbvmomi (~> 1.9)
      stringify-hash (~> 0.0.0)
    beaker-vmpooler (1.3.1)
      stringify-hash (~> 0.0.0)
    beaker-vmware (0.3.0)
      fission (~> 0.4)
      rbvmomi (~> 1.9)
      stringify-hash (~> 0.0.0)
    builder (3.2.3)
    byebug (9.0.6)
    coderay (1.1.2)
    colored (1.2)
    concurrent-ruby (1.1.4)
    cri (2.6.1)
      colored (~> 1.2)
    deep_merge (1.2.1)
    diff-lcs (1.3)
    docker-api (1.34.2)
      excon (>= 0.47.0)
      multi_json
    domain_name (0.5.20180417)
      unf (>= 0.0.5, < 1.0.0)
    excon (0.71.0)
    extlib (0.9.16)
    facter (2.5.1)
    faraday (0.13.1)
      multipart-post (>= 1.2, < 3)
    faraday_middleware (0.12.2)
      faraday (>= 0.7.4, < 1.0)
    fast_gettext (1.1.2)
    fission (0.5.0)
      CFPropertyList (~> 2.2)
    fog-core (2.1.2)
      builder
      excon (~> 0.58)
      formatador (~> 0.2)
      mime-types
    fog-json (1.2.0)
      fog-core
      multi_json (~> 1.10)
    fog-openstack (1.0.8)
      fog-core (~> 2.1)
      fog-json (>= 1.0)
      ipaddress (>= 0.8)
    formatador (0.2.5)
    gettext (3.2.9)
      locale (>= 2.0.5)
      text (>= 1.3.0)
    gettext-setup (0.30)
      fast_gettext (~> 1.1.0)
      gettext (>= 3.0.2)
      locale
    google-api-client (0.8.7)
      activesupport (>= 3.2, < 5.0)
      addressable (~> 2.3)
      autoparse (~> 0.3)
      extlib (~> 0.9)
      faraday (~> 0.9)
      googleauth (~> 0.3)
      launchy (~> 2.4)
      multi_json (~> 1.10)
      retriable (~> 1.4)
      signet (~> 0.6)
    googleauth (0.8.0)
      faraday (~> 0.12)
      jwt (>= 1.4, < 3.0)
      memoist (~> 0.16)
      multi_json (~> 1.11)
      os (>= 0.9, < 2.0)
      signet (~> 0.7)
    hiera (3.5.0)
    hocon (1.2.5)
    http-cookie (1.0.3)
      domain_name (~> 0.5)
    i18n (0.9.5)
      concurrent-ruby (~> 1.0)
    in-parallel (0.1.17)
    inifile (3.0.0)
    ipaddress (0.8.3)
    jmespath (1.4.0)
    json (1.8.6)
    jwt (2.1.0)
    launchy (2.4.3)
      addressable (~> 2.3)
    locale (2.1.2)
    log4r (1.1.10)
    memoist (0.16.0)
    metaclass (0.0.4)
    method_source (0.9.2)
    mime-types (2.99.3)
    mini_portile2 (2.4.0)
    minitar (0.8)
    minitest (5.11.3)
    mocha (1.8.0)
      metaclass (~> 0.0.1)
    multi_json (1.13.1)
    multipart-post (2.0.0)
    net-scp (1.2.1)
      net-ssh (>= 2.6.5)
    net-ssh (4.2.0)
    net-telnet (0.1.1)
    netrc (0.11.0)
    nokogiri (1.10.4)
      mini_portile2 (~> 2.4.0)
    oga (2.15)
      ast
      ruby-ll (~> 2.1)
    open_uri_redirections (0.2.1)
    os (1.0.0)
    pager (1.0.1)
    parallel (1.13.0)
    parallel_tests (2.27.1)
      parallel
    pathspec (0.2.1)
    pry (0.12.2)
      coderay (~> 1.1.0)
      method_source (~> 0.9.0)
    pry-byebug (3.4.3)
      byebug (>= 9.0, < 9.1)
      pry (~> 0.10)
    public_suffix (3.0.3)
    puppet (5.5.10)
      facter (> 2.0.1, < 4)
      fast_gettext (~> 1.1.2)
      hiera (>= 3.2.1, < 4)
      locale (~> 2.1)
      multi_json (~> 1.10)
    puppet-blacksmith (3.4.0)
      puppet (>= 2.7.16)
      rest-client (~> 1.8.0)
    puppet-lint (2.3.6)
    puppet-syntax (2.4.1)
      rake
    puppet_forge (2.2.9)
      faraday (>= 0.9.0, < 0.14.0)
      faraday_middleware (>= 0.9.0, < 0.13.0)
      gettext-setup (~> 0.11)
      minitar
      semantic_puppet (~> 1.0)
    puppetlabs_spec_helper (2.13.1)
      mocha (~> 1.0)
      pathspec (~> 0.2.1)
      puppet-lint (~> 2.0)
      puppet-syntax (~> 2.0)
      rspec-puppet (~> 2.0)
    r10k (2.6.5)
      colored (= 1.2)
      cri (~> 2.6.1)
      gettext-setup (~> 0.5)
      log4r (= 1.1.10)
      multi_json (~> 1.10)
      puppet_forge (~> 2.2.8)
    rake (12.3.3)
    rb-readline (0.5.5)
    rbvmomi (1.13.0)
      builder (~> 3.0)
      json (>= 1.8)
      nokogiri (~> 1.5)
      trollop (~> 2.1)
    rest-client (1.8.0)
      http-cookie (>= 1.0.2, < 2.0)
      mime-types (>= 1.16, < 3.0)
      netrc (~> 0.7)
    retriable (1.4.1)
    rspec (3.8.0)
      rspec-core (~> 3.8.0)
      rspec-expectations (~> 3.8.0)
      rspec-mocks (~> 3.8.0)
    rspec-core (3.8.0)
      rspec-support (~> 3.8.0)
    rspec-expectations (3.8.2)
      diff-lcs (>= 1.2.0, < 2.0)
      rspec-support (~> 3.8.0)
    rspec-its (1.2.0)
      rspec-core (>= 3.0.0)
      rspec-expectations (>= 3.0.0)
    rspec-mocks (3.8.0)
      diff-lcs (>= 1.2.0, < 2.0)
      rspec-support (~> 3.8.0)
    rspec-puppet (2.7.2)
      rspec
    rspec-puppet-facts (0.12.0)
      facter
      json
    rspec-support (3.8.0)
    rsync (1.0.9)
    ruby-ll (2.1.2)
      ansi
      ast
    semantic_puppet (1.0.2)
    serverspec (2.41.3)
      multi_json
      rspec (~> 3.0)
      rspec-its
      specinfra (~> 2.72)
    sfl (2.3)
    signet (0.11.0)
      addressable (~> 2.3)
      faraday (~> 0.9)
      jwt (>= 1.5, < 3.0)
      multi_json (~> 1.10)
    simp-rake-helpers (5.5.3)
      beaker (~> 3.14)
      beaker-rspec (~> 6.1)
      bundler (~> 1.14)
      coderay (~> 1.0)
      pager
      parallel (~> 1.0)
      parallel_tests (~> 2.4)
      puppet (>= 3.0, < 6.0)
      puppet-blacksmith (~> 3.3)
      puppet-lint (>= 1.0, < 3.0)
      puppetlabs_spec_helper (~> 2.0)
      r10k (~> 2.2)
      rake (>= 10.0, < 13.0)
      rspec (~> 3.0)
      rspec-core (~> 3.0)
      simp-beaker-helpers (~> 1.0)
      simp-rspec-puppet-facts (~> 2.0)
    simp-rspec-puppet-facts (2.2.0)
      facter (>= 1.5.0, < 3.0)
      json (~> 1)
      rspec-puppet-facts (~> 0)
    specinfra (2.76.9)
      net-scp
      net-ssh (>= 2.7)
      net-telnet (= 0.1.1)
      sfl
    stringify-hash (0.0.2)
    text (1.3.1)
    thor (0.20.3)
    thread_safe (0.3.6)
    trollop (2.9.9)
    tzinfo (1.2.5)
      thread_safe (~> 0.1)
    unf (0.1.4)
      unf_ext
    unf_ext (0.0.7.5)

PLATFORMS
  ruby

DEPENDENCIES
  beaker
  beaker-puppet_install_helper
  beaker-rspec
  pry
  rb-readline
  simp-beaker-helpers!
  simp-rake-helpers

BUNDLED WITH
   2.0.1
